PATH
  remote: .
  specs:
    extenso_pt (0.7.2)
      bigdecimal

GEM
  remote: https://rubygems.org/
  specs:
    bigdecimal (2.0.0)
    minitest (5.14.1)
    rake (13.0.1)

PLATFORMS
  ruby

DEPENDENCIES
  bundler
  extenso_pt!
  minitest
  rake

BUNDLED WITH
   2.1.4
