PATH
  remote: .
  specs:
    extenso_pt (0.6.7)
      bigdecimal (~> 1.4)

GEM
  remote: https://rubygems.org/
  specs:
    bigdecimal (1.4.4)
    minitest (5.13.0)
    rake (10.5.0)

PLATFORMS
  ruby

DEPENDENCIES
  bundler (~> 1.17)
  extenso_pt!
  minitest (~> 5.0)
  rake (~> 10.0)

BUNDLED WITH
   1.17.2
